GEM
  remote: https://rubygems.org/
  specs:
    arrayfields (4.9.2)
    braid (1.0.21)
      main (>= 4.7.3)
      open4 (>= 1.0.1)
    chronic (0.10.2)
    fattr (2.3.0)
    gitattributes (2.9.0)
    main (6.2.2)
      arrayfields (~> 4.7, >= 4.7.4)
      chronic (~> 0.6, >= 0.6.2)
      fattr (~> 2.2, >= 2.2.0)
      map (~> 6.1, >= 6.1.0)
    map (6.6.0)
    open4 (1.3.4)
    zapwhite (2.8.0)
      gitattributes (= 2.9.0)

PLATFORMS
  ruby

DEPENDENCIES
  braid (= 1.0.21)
  zapwhite (= 2.8.0)

BUNDLED WITH
   1.16.0
